PATH
  remote: .
  specs:
    dragonfly-cache (0.1.8)
      dragonfly
      i18n

GEM
  remote: https://rubygems.org/
  specs:
    addressable (2.7.0)
      public_suffix (>= 2.0.2, < 5.0)
    ast (2.4.2)
    concurrent-ruby (1.1.8)
    diff-lcs (1.4.4)
    dragonfly (1.4.0)
      addressable (~> 2.3)
      multi_json (~> 1.0)
      rack (>= 1.3)
    i18n (1.8.10)
      concurrent-ruby (~> 1.0)
    multi_json (1.15.0)
    parallel (1.20.1)
    parser (3.0.1.1)
      ast (~> 2.4.1)
    public_suffix (4.0.6)
    rack (2.2.3)
    rainbow (3.0.0)
    rake (13.0.3)
    regexp_parser (2.1.1)
    rexml (3.2.5)
    rspec (3.10.0)
      rspec-core (~> 3.10.0)
      rspec-expectations (~> 3.10.0)
      rspec-mocks (~> 3.10.0)
    rspec-core (3.10.1)
      rspec-support (~> 3.10.0)
    rspec-expectations (3.10.1)
      diff-lcs (>= 1.2.0, < 2.0)
      rspec-support (~> 3.10.0)
    rspec-mocks (3.10.2)
      diff-lcs (>= 1.2.0, < 2.0)
      rspec-support (~> 3.10.0)
    rspec-support (3.10.2)
    rubocop (1.13.0)
      parallel (~> 1.10)
      parser (>= 3.0.0.0)
      rainbow (>= 2.2.2, < 4.0)
      regexp_parser (>= 1.8, < 3.0)
      rexml
      rubocop-ast (>= 1.2.0, < 2.0)
      ruby-progressbar (~> 1.7)
      unicode-display_width (>= 1.4.0, < 3.0)
    rubocop-ast (1.5.0)
      parser (>= 3.0.1.1)
    rubocop-rake (0.5.1)
      rubocop
    rubocop-rspec (2.3.0)
      rubocop (~> 1.0)
      rubocop-ast (>= 1.1.0)
    ruby-progressbar (1.11.0)
    unicode-display_width (2.0.0)

PLATFORMS
  ruby

DEPENDENCIES
  bundler (~> 2.1)
  dragonfly-cache!
  rake (~> 13.0)
  rspec (~> 3.10.0)
  rubocop
  rubocop-rake
  rubocop-rspec

BUNDLED WITH
   2.2.3
